GIT
  remote: https://github.com/influencemapping/whos_got_dirt-gem.git
  revision: f0a7f268ea636b96b92372f1f350c8140045d486
  specs:
    whos_got_dirt (0.0.1)
      activesupport (~> 4.2.0)
      json-pointer
      json-schema (~> 2.3)

GIT
  remote: https://github.com/lostisland/faraday_middleware.git
  revision: 2243d8179937c570d7e6a17f7b8ed010f3b0dee2
  specs:
    faraday_middleware (0.10.0)
      faraday (>= 0.7.4, < 0.10)

GEM
  remote: https://rubygems.org/
  specs:
    activesupport (4.2.4)
      i18n (~> 0.7)
      json (~> 1.7, >= 1.7.7)
      minitest (~> 5.1)
      thread_safe (~> 0.3, >= 0.3.4)
      tzinfo (~> 1.1)
    addressable (2.3.8)
    ethon (0.7.4)
      ffi (>= 1.3.0)
    faraday (0.9.1)
      multipart-post (>= 1.2, < 3)
    ffi (1.9.10)
    i18n (0.7.0)
    json (1.8.3)
    json-pointer (0.0.1)
    json-schema (2.5.1)
      addressable (~> 2.3.7)
    minitest (5.8.0)
    multipart-post (2.0.0)
    rack (1.6.4)
    rack-protection (1.5.3)
      rack
    sinatra (1.4.6)
      rack (~> 1.4)
      rack-protection (~> 1.4)
      tilt (>= 1.3, < 3)
    sinatra-cross_origin (0.3.2)
    thread_safe (0.3.5)
    tilt (2.0.1)
    typhoeus (0.7.3)
      ethon (>= 0.7.4)
    tzinfo (1.2.2)
      thread_safe (~> 0.1)

PLATFORMS
  ruby

DEPENDENCIES
  faraday
  faraday_middleware!
  sinatra
  sinatra-cross_origin
  typhoeus
  whos_got_dirt!
