GIT
  remote: https://github.com/influencemapping/whos_got_dirt-gem.git
  revision: d3ac3fb06747e5eccff4972f0f8942bf7e55821b
  specs:
    whos_got_dirt (0.0.1)
      activesupport (~> 4.2.0)

GIT
  remote: https://github.com/lostisland/faraday_middleware.git
  revision: 14fecd0e92f463f5a13df88c12d584bde8beb51b
  specs:
    faraday_middleware (0.9.0)
      faraday (>= 0.7.4, < 0.10)

GEM
  remote: https://rubygems.org/
  specs:
    activesupport (4.2.2)
      i18n (~> 0.7)
      json (~> 1.7, >= 1.7.7)
      minitest (~> 5.1)
      thread_safe (~> 0.3, >= 0.3.4)
      tzinfo (~> 1.1)
    ethon (0.7.3)
      ffi (>= 1.3.0)
    faraday (0.9.1)
      multipart-post (>= 1.2, < 3)
    ffi (1.9.8)
    i18n (0.7.0)
    json (1.8.3)
    minitest (5.7.0)
    multipart-post (2.0.0)
    rack (1.6.2)
    rack-protection (1.5.3)
      rack
    sinatra (1.4.6)
      rack (~> 1.4)
      rack-protection (~> 1.4)
      tilt (>= 1.3, < 3)
    sinatra-cross_origin (0.3.2)
    thread_safe (0.3.5)
    tilt (2.0.1)
    typhoeus (0.7.1)
      ethon (>= 0.7.1)
    tzinfo (1.2.2)
      thread_safe (~> 0.1)

PLATFORMS
  ruby

DEPENDENCIES
  faraday
  faraday_middleware!
  sinatra
  sinatra-cross_origin
  typhoeus
  whos_got_dirt!
